GEM
  remote: http://rubygems.org/
  specs:
    active_support (3.0.0)
      activesupport (= 3.0.0)
    activesupport (3.0.0)
    appoxy_api (0.0.12)
      rest-client
      rest-client
    aws (2.8.0)
      http_connection
      http_connection
      uuidtools
      uuidtools
      xml-simple
      xml-simple
    http_connection (1.4.4)
    i18n (0.6.1)
    mime-types (1.19)
    moped (1.4.3)
    rest-client (1.6.7)
      mime-types (>= 1.16)
    uber_config (0.0.6)
    uuidtools (2.1.3)
    xml-simple (1.1.2)

PLATFORMS
  ruby

DEPENDENCIES
  active_support
  appoxy_api
  aws
  i18n
  moped
  uber_config
